GEM
  remote: https://rubygems.org/
  specs:
    concurrent-ruby (1.2.3)
    net-ssh (7.2.1)

PLATFORMS
  x86_64-linux

DEPENDENCIES
  concurrent-ruby
  net-ssh

BUNDLED WITH
   2.2.3
